GEM
  remote: https://rubygems.org/
  specs:
    concurrent-ruby (1.1.10)
    faker (1.7.2)
      i18n (~> 0.5)
    i18n (0.9.5)
      concurrent-ruby (~> 1.0)

PLATFORMS
  ruby

DEPENDENCIES
  faker

RUBY VERSION
   ruby 2.5.1p57

BUNDLED WITH
   1.17.3
